GEM
  remote: https://rubygems.org/
  specs:
    chunky_png (1.3.8)
    compass (0.11.7)
      chunky_png (~> 1.2)
      fssm (>= 0.2.7)
      sass (~> 3.1)
    fssm (0.2.10)
    haml (5.0.4)
      temple (>= 0.8.0)
      tilt
    listen (0.7.3)
    rack (2.0.3)
    sass (3.3.0.alpha.149)
      listen (~> 0.7)
    staticmatic (0.11.1)
      compass (>= 0.10.0)
      haml (>= 2.0.0)
      rack (>= 1.0)
    temple (0.8.0)
    tilt (2.0.8)

PLATFORMS
  ruby

DEPENDENCIES
  compass (= 0.11.7)
  sass (= 3.3.0.alpha.149)
  staticmatic

RUBY VERSION
   ruby 2.3.0p0

BUNDLED WITH
   1.16.0
